PATH
  remote: .
  specs:
    jekyll_rake (0.1.0)

GEM
  remote: https://rubygems.org/
  specs:
    coderay (1.1.1)
    method_source (0.8.2)
    minitest (5.8.4)
    pry (0.10.4)
      coderay (~> 1.1.0)
      method_source (~> 0.8.1)
      slop (~> 3.4)
    rake (10.4.2)
    slop (3.6.0)

PLATFORMS
  ruby

DEPENDENCIES
  bundler (~> 1.13)
  jekyll_rake!
  minitest (~> 5.0)
  pry
  rake (~> 10.0)

BUNDLED WITH
   1.13.6
