PATH
  remote: .
  specs:
    jekyll_rake (0.1.0)
      titleize

GEM
  remote: https://rubygems.org/
  specs:
    codeclimate-test-reporter (1.0.5)
      simplecov
    coderay (1.1.1)
    docile (1.1.5)
    json (2.0.3)
    method_source (0.8.2)
    minitest (5.8.4)
    pry (0.10.4)
      coderay (~> 1.1.0)
      method_source (~> 0.8.1)
      slop (~> 3.4)
    rake (10.4.2)
    simplecov (0.13.0)
      docile (~> 1.1.0)
      json (>= 1.8, < 3)
      simplecov-html (~> 0.10.0)
    simplecov-html (0.10.0)
    slop (3.6.0)
    titleize (1.4.1)

PLATFORMS
  ruby

DEPENDENCIES
  bundler (~> 1.13)
  codeclimate-test-reporter (~> 1.0.0)
  jekyll_rake!
  minitest (~> 5.0)
  pry
  rake (~> 10.0)
  simplecov

BUNDLED WITH
   1.13.6
